PATH
  remote: .
  specs:
    serif (0.0.1)
      liquid (~> 2.4)
      pygments.rb (~> 0.3)
      rack (~> 1.0)
      rake (~> 0.9)
      redcarpet (~> 2.2)
      redhead (~> 0.0.6)
      sinatra (~> 1.3)
      slop (~> 3.3)
      yui-compressor

GEM
  remote: http://rubygems.org/
  specs:
    POpen4 (0.1.4)
      Platform (>= 0.4.0)
      open4
    Platform (0.4.0)
    liquid (2.4.1)
    open4 (1.3.0)
    posix-spawn (0.3.6)
    pygments.rb (0.3.2)
      posix-spawn (~> 0.3.6)
      yajl-ruby (~> 1.1.0)
    rack (1.4.1)
    rack-protection (1.2.0)
      rack
    rake (0.9.2.2)
    redcarpet (2.2.2)
    redhead (0.0.6)
    sinatra (1.3.3)
      rack (~> 1.3, >= 1.3.6)
      rack-protection (~> 1.2)
      tilt (~> 1.3, >= 1.3.3)
    slop (3.3.3)
    tilt (1.3.3)
    yajl-ruby (1.1.0)
    yui-compressor (0.9.6)
      POpen4 (>= 0.1.4)

PLATFORMS
  ruby

DEPENDENCIES
  serif!
