PATH
  remote: .
  specs:
    serif (0.5.2)
      liquid (~> 2.4)
      nokogiri (~> 1.5)
      rack (~> 1.0)
      redcarpet (~> 2.3)
      redhead (~> 0.0.8)
      reverse_markdown (~> 0.4.3)
      rouge (~> 0.3.2)
      sinatra (~> 1.3)
      timeout_cache

GEM
  remote: http://rubygems.org/
  specs:
    colorize (0.5.8)
    coveralls (0.6.3)
      colorize
      multi_json (~> 1.3)
      rest-client
      simplecov (>= 0.7)
      thor
    diff-lcs (1.2.5)
    json (1.7.7)
    liquid (2.6.1)
    mime-types (1.22)
    mini_portile (0.5.1)
    multi_json (1.7.2)
    nokogiri (1.6.0)
      mini_portile (~> 0.5.0)
    rack (1.5.2)
    rack-protection (1.5.0)
      rack
    rake (0.9.6)
    rdoc (4.0.1)
      json (~> 1.4)
    redcarpet (2.3.0)
    redhead (0.0.9)
    rest-client (1.6.7)
      mime-types (>= 1.16)
    reverse_markdown (0.4.6)
      nokogiri
    rouge (0.3.10)
      thor
    rspec (2.14.1)
      rspec-core (~> 2.14.0)
      rspec-expectations (~> 2.14.0)
      rspec-mocks (~> 2.14.0)
    rspec-core (2.14.7)
    rspec-expectations (2.14.5)
      diff-lcs (>= 1.1.3, < 2.0)
    rspec-mocks (2.14.5)
    simplecov (0.7.1)
      multi_json (~> 1.0)
      simplecov-html (~> 0.7.1)
    simplecov-html (0.7.1)
    sinatra (1.4.3)
      rack (~> 1.4)
      rack-protection (~> 1.4)
      tilt (~> 1.3, >= 1.3.4)
    thor (0.18.1)
    tilt (1.4.1)
    timecop (0.6.1)
    timeout_cache (0.0.2)

PLATFORMS
  ruby

DEPENDENCIES
  coveralls
  rake (~> 0.9)
  rdoc (~> 4.0.0)
  rspec (~> 2.5)
  serif!
  simplecov (~> 0.7)
  timecop (~> 0.6.1)
