PATH
  remote: .
  specs:
    serif (0.4)
      liquid (~> 2.4)
      nokogiri (~> 1.5)
      rack (~> 1.0)
      redcarpet (~> 2.2)
      redhead (~> 0.0.8)
      reverse_markdown (~> 0.4.3)
      rouge (~> 0.3.2)
      sinatra (~> 1.3)
      timeout_cache

GEM
  remote: http://rubygems.org/
  specs:
    diff-lcs (1.2.2)
    json (1.7.7)
    liquid (2.5.0)
    multi_json (1.7.2)
    nokogiri (1.5.9)
    rack (1.5.2)
    rack-protection (1.5.0)
      rack
    rake (0.9.6)
    rdoc (4.0.1)
      json (~> 1.4)
    redcarpet (2.2.2)
    redhead (0.0.8)
    reverse_markdown (0.4.4)
      nokogiri
    rouge (0.3.2)
      thor
    rspec (2.13.0)
      rspec-core (~> 2.13.0)
      rspec-expectations (~> 2.13.0)
      rspec-mocks (~> 2.13.0)
    rspec-core (2.13.1)
    rspec-expectations (2.13.0)
      diff-lcs (>= 1.1.3, < 2.0)
    rspec-mocks (2.13.0)
    simplecov (0.7.1)
      multi_json (~> 1.0)
      simplecov-html (~> 0.7.1)
    simplecov-html (0.7.1)
    sinatra (1.4.2)
      rack (~> 1.5, >= 1.5.2)
      rack-protection (~> 1.4)
      tilt (~> 1.3, >= 1.3.4)
    thor (0.18.1)
    tilt (1.3.6)
    timecop (0.6.1)
    timeout_cache (0.0.2)

PLATFORMS
  ruby

DEPENDENCIES
  rake (~> 0.9)
  rdoc (~> 4.0.0)
  rspec (~> 2.5)
  serif!
  simplecov (~> 0.7)
  timecop (~> 0.6.1)
