PATH
  remote: .
  specs:
    serif (0.1.5)
      liquid (~> 2.4)
      pygments.rb (~> 0.3)
      rack (~> 1.0)
      rack-rewrite (~> 1.3.0)
      redcarpet (~> 2.2)
      redhead (~> 0.0.8)
      sinatra (~> 1.3)
      slop (~> 3.3)

GEM
  remote: http://rubygems.org/
  specs:
    diff-lcs (1.1.2)
    liquid (2.4.1)
    multi_json (1.5.0)
    posix-spawn (0.3.6)
    pygments.rb (0.3.2)
      posix-spawn (~> 0.3.6)
      yajl-ruby (~> 1.1.0)
    rack (1.4.1)
    rack-protection (1.3.2)
      rack
    rack-rewrite (1.3.2)
    rake (0.9.2.2)
    redcarpet (2.2.2)
    redhead (0.0.8)
    rspec (2.5.0)
      rspec-core (~> 2.5.0)
      rspec-expectations (~> 2.5.0)
      rspec-mocks (~> 2.5.0)
    rspec-core (2.5.1)
    rspec-expectations (2.5.0)
      diff-lcs (~> 1.1.2)
    rspec-mocks (2.5.0)
    simplecov (0.7.1)
      multi_json (~> 1.0)
      simplecov-html (~> 0.7.1)
    simplecov-html (0.7.1)
    sinatra (1.3.3)
      rack (~> 1.3, >= 1.3.6)
      rack-protection (~> 1.2)
      tilt (~> 1.3, >= 1.3.3)
    slop (3.3.3)
    tilt (1.3.3)
    yajl-ruby (1.1.0)

PLATFORMS
  ruby

DEPENDENCIES
  rake (~> 0.9)
  rspec (~> 2.5)
  serif!
  simplecov (~> 0.7)
