PATH
  remote: .
  specs:
    serif (0.3.3)
      liquid (~> 2.4)
      rack (~> 1.0)
      redcarpet (~> 2.2)
      redhead (~> 0.0.8)
      reverse_markdown (~> 0.4.3)
      rouge (~> 0.3.2)
      sinatra (~> 1.3)
      timeout_cache

GEM
  remote: http://rubygems.org/
  specs:
    diff-lcs (1.1.3)
    liquid (2.5.0)
    multi_json (1.6.1)
    nokogiri (1.5.5)
    rack (1.5.2)
    rack-protection (1.5.0)
      rack
    rake (0.9.6)
    redcarpet (2.2.2)
    redhead (0.0.8)
    reverse_markdown (0.4.3)
      nokogiri
    rouge (0.3.2)
      thor
    rspec (2.12.0)
      rspec-core (~> 2.12.0)
      rspec-expectations (~> 2.12.0)
      rspec-mocks (~> 2.12.0)
    rspec-core (2.12.2)
    rspec-expectations (2.12.1)
      diff-lcs (~> 1.1.3)
    rspec-mocks (2.12.2)
    simplecov (0.7.1)
      multi_json (~> 1.0)
      simplecov-html (~> 0.7.1)
    simplecov-html (0.7.1)
    sinatra (1.4.1)
      rack (~> 1.5, >= 1.5.2)
      rack-protection (~> 1.4)
      tilt (~> 1.3, >= 1.3.4)
    thor (0.17.0)
    tilt (1.3.5)
    timecop (0.5.9.2)
    timeout_cache (0.0.2)

PLATFORMS
  ruby

DEPENDENCIES
  rake (~> 0.9)
  rspec (~> 2.5)
  serif!
  simplecov (~> 0.7)
  timecop (~> 0.5.5)
