PATH
  remote: .
  specs:
    serif (0.5.2)
      liquid (~> 2.4)
      nokogiri (~> 1.5)
      rack (~> 1.0)
      redcarpet (~> 2.3)
      redhead (~> 0.0.8)
      reverse_markdown
      rouge (~> 0.3.2)
      sinatra (~> 1.3)
      timeout_cache

GEM
  remote: http://rubygems.org/
  specs:
    capybara (2.2.1)
      mime-types (>= 1.16)
      nokogiri (>= 1.3.3)
      rack (>= 1.0.0)
      rack-test (>= 0.5.4)
      xpath (~> 2.0)
    coderay (1.1.0)
    colorize (0.5.8)
    coveralls (0.6.3)
      colorize
      multi_json (~> 1.3)
      rest-client
      simplecov (>= 0.7)
      thor
    diff-lcs (1.2.5)
    gherkin (2.12.2)
      multi_json (~> 1.3)
    json (1.7.7)
    liquid (2.6.1)
    method_source (0.8.2)
    mime-types (1.22)
    mini_portile (0.5.3)
    multi_json (1.7.2)
    nokogiri (1.6.1)
      mini_portile (~> 0.5.0)
    pry (0.9.12.6)
      coderay (~> 1.0)
      method_source (~> 0.8)
      slop (~> 3.4)
    rack (1.5.2)
    rack-protection (1.5.3)
      rack
    rack-test (0.6.2)
      rack (>= 1.0)
    rake (0.9.6)
    rdoc (4.0.1)
      json (~> 1.4)
    redcarpet (2.3.0)
    redhead (0.0.9)
    rest-client (1.6.7)
      mime-types (>= 1.16)
    reverse_markdown (0.5.1)
      nokogiri
    rouge (0.3.10)
      thor
    rspec (2.14.1)
      rspec-core (~> 2.14.0)
      rspec-expectations (~> 2.14.0)
      rspec-mocks (~> 2.14.0)
    rspec-core (2.14.7)
    rspec-expectations (2.14.5)
      diff-lcs (>= 1.1.3, < 2.0)
    rspec-mocks (2.14.5)
    simplecov (0.7.1)
      multi_json (~> 1.0)
      simplecov-html (~> 0.7.1)
    simplecov-html (0.7.1)
    sinatra (1.4.5)
      rack (~> 1.4)
      rack-protection (~> 1.4)
      tilt (~> 1.3, >= 1.3.4)
    slop (3.4.7)
    thor (0.18.1)
    tilt (1.4.1)
    timecop (0.6.1)
    timeout_cache (0.0.2)
    turnip (1.2.1)
      gherkin (>= 2.5)
      rspec (>= 2.0, < 4.0)
    xpath (2.0.0)
      nokogiri (~> 1.3)

PLATFORMS
  ruby

DEPENDENCIES
  capybara
  coveralls
  pry
  rake (~> 0.9)
  rdoc (~> 4.0.0)
  rspec (~> 2.5)
  serif!
  simplecov (~> 0.7)
  timecop (~> 0.6.1)
  turnip
