PATH
  remote: .
  specs:
    serif (0.2.3)
      liquid (~> 2.4)
      pygments.rb (~> 0.3)
      rack (~> 1.0)
      rack-rewrite (~> 1.3.0)
      redcarpet (~> 2.2)
      redhead (~> 0.0.8)
      sinatra (~> 1.3)
      slop (~> 3.3)
      timeout_cache

GEM
  remote: http://rubygems.org/
  specs:
    diff-lcs (1.1.3)
    liquid (2.4.1)
    multi_json (1.6.1)
    posix-spawn (0.3.6)
    pygments.rb (0.3.7)
      posix-spawn (~> 0.3.6)
      yajl-ruby (~> 1.1.0)
    rack (1.5.2)
    rack-protection (1.3.2)
      rack
    rack-rewrite (1.3.3)
    rake (0.9.6)
    redcarpet (2.2.2)
    redhead (0.0.8)
    rspec (2.12.0)
      rspec-core (~> 2.12.0)
      rspec-expectations (~> 2.12.0)
      rspec-mocks (~> 2.12.0)
    rspec-core (2.12.2)
    rspec-expectations (2.12.1)
      diff-lcs (~> 1.1.3)
    rspec-mocks (2.12.2)
    simplecov (0.7.1)
      multi_json (~> 1.0)
      simplecov-html (~> 0.7.1)
    simplecov-html (0.7.1)
    sinatra (1.3.4)
      rack (~> 1.4)
      rack-protection (~> 1.3)
      tilt (~> 1.3, >= 1.3.3)
    slop (3.4.3)
    tilt (1.3.3)
    timecop (0.5.9.2)
    timeout_cache (0.0.2)
    yajl-ruby (1.1.0)

PLATFORMS
  ruby

DEPENDENCIES
  rake (~> 0.9)
  rspec (~> 2.5)
  serif!
  simplecov (~> 0.7)
  timecop (~> 0.5.5)
